GEM
  remote: https://rubygems.org/
  specs:
    json (1.7.7)
    rack (1.4.5)
    sinatra (1.0)
      rack (>= 1.0)

PLATFORMS
  ruby

DEPENDENCIES
  json
  sinatra
